GEM
  remote: https://rubygems.org/
  specs:
    addressable (2.3.6)
    arachni (0.4.7)
      addressable (~> 2.3.2)
      arachni-rpc-em (= 0.2)
      awesome_print
      bundler
      highline
      json
      nokogiri (>= 1.5.7.rc1)
      pony
      rb-readline
      sys-proctable (>= 0.9.1)
      terminal-table (>= 1.4.2)
      typhoeus (~> 0.3.3)
    arachni-rpc (0.1.3)
    arachni-rpc-em (0.2)
      arachni-rpc (= 0.1.3)
      em-synchrony (>= 1.0.0)
      eventmachine (~> 1.0.0)
    aruba (0.5.4)
      childprocess (>= 0.3.6)
      cucumber (>= 1.1.1)
      rspec-expectations (>= 2.7.0)
    awesome_print (1.2.0)
    builder (3.2.2)
    childprocess (0.5.3)
      ffi (~> 1.0, >= 1.0.11)
    clamp (0.6.3)
    colorize (0.7.3)
    cucumber (1.3.11)
      builder (>= 2.1.2)
      diff-lcs (>= 1.1.3)
      gherkin (~> 2.12)
      multi_json (>= 1.7.5, < 2.0)
      multi_test (>= 0.0.2)
    diff-lcs (1.2.5)
    dotenv (0.11.1)
      dotenv-deployment (~> 0.0.2)
    dotenv-deployment (0.0.2)
    em-synchrony (1.0.3)
      eventmachine (>= 1.0.0.beta.1)
    eventmachine (1.0.3)
    ffi (1.9.3)
    foreman (0.74.0)
      dotenv (~> 0.11.1)
      thor (~> 0.19.1)
    gauntlt (1.0.9)
      aruba (= 0.5.4)
      cucumber (= 1.3.11)
      nokogiri (= 1.6.1)
      trollop (~> 2.0)
    gherkin (2.12.2)
      multi_json (~> 1.3)
    highline (1.6.21)
    json (1.8.1)
    mail (2.6.1)
      mime-types (>= 1.16, < 3)
    mime-types (2.3)
    mini_portile (0.5.3)
    multi_json (1.10.1)
    multi_test (0.1.1)
    nokogiri (1.6.1)
      mini_portile (~> 0.5.0)
    owasp_zap (0.0.5)
      addressable
      rest-client
    pony (1.9)
      mail (>= 2.0)
    rb-readline (0.5.1)
    rest-client (1.6.7)
      mime-types (>= 1.16)
    rspec-expectations (3.0.2)
      diff-lcs (>= 1.2.0, < 2.0)
      rspec-support (~> 3.0.0)
    rspec-support (3.0.2)
    sys-proctable (0.9.4)
    terminal-table (1.4.5)
    thor (0.19.1)
    trollop (2.0)
    typhoeus (0.3.3)
      mime-types
    zapr (0.1.2)
      clamp
      colorize
      owasp_zap (= 0.0.5)
      terminal-table

PLATFORMS
  ruby

DEPENDENCIES
  arachni
  foreman
  gauntlt
  zapr (= 0.1.2)
