GEM
  remote: https://rubygems.org/
  specs:
    addressable (2.3.6)
    clamp (0.6.3)
    colorize (0.7.3)
    dotenv (0.11.1)
      dotenv-deployment (~> 0.0.2)
    dotenv-deployment (0.0.2)
    foreman (0.74.0)
      dotenv (~> 0.11.1)
      thor (~> 0.19.1)
    mime-types (2.3)
    owasp_zap (0.0.5)
      addressable
      rest-client
    rest-client (1.6.7)
      mime-types (>= 1.16)
    terminal-table (1.4.5)
    thor (0.19.1)
    zapr (0.1.2)
      clamp
      colorize
      owasp_zap (= 0.0.5)
      terminal-table

PLATFORMS
  ruby

DEPENDENCIES
  foreman
  zapr (= 0.1.2)
